GEM
  remote: http://rubygems.org/
  specs:
    builder (3.0.0)
    git (1.2.5)
    gyoku (0.4.4)
      builder (>= 2.1.2)
    httpi (0.9.4)
      pyu-ntlm-http (>= 0.1.3.1)
      rack
    jeweler (1.6.2)
      bundler (~> 1.0)
      git (>= 1.2.5)
      rake
    nokogiri (1.4.6)
    nori (1.0.1)
    pyu-ntlm-http (0.1.3.1)
    rack (1.3.0)
    rake (0.9.2)
    rcov (0.9.9)
    savon (0.9.2)
      builder (>= 2.1.2)
      gyoku (>= 0.4.0)
      httpi (>= 0.7.8)
      nokogiri (>= 1.4.0)
      nori (>= 0.2.0)

PLATFORMS
  ruby

DEPENDENCIES
  jeweler (~> 1.6.2)
  rcov
  savon (~> 0.9.2)
